GEM
  remote: https://rubygems.org/
  specs:
    rspec-core (3.10.1)
      rspec-support (~> 3.10.0)
    rspec-support (3.10.2)

PLATFORMS
  ruby

DEPENDENCIES
  rspec-core

RUBY VERSION
   ruby 2.6.5p114

BUNDLED WITH
   1.17.2
